PATH
  remote: ../motion-game
  specs:
    motion-game (1.1.14)

GEM
  remote: https://rubygems.org/
  specs:
    rake (12.0.0)

PLATFORMS
  ruby

DEPENDENCIES
  motion-game!
  rake

BUNDLED WITH
   1.13.6
