GEM
  remote: https://rubygems.org/
  specs:
    motion-game (1.1.14)
    rake (12.0.0)

PLATFORMS
  ruby

DEPENDENCIES
  motion-game (~> 1.1.14)
  rake

BUNDLED WITH
   1.13.6
