GEM
  remote: https://rubygems.org/
  specs:
    motion-game (1.1.4)
    rake (11.1.2)

PLATFORMS
  ruby

DEPENDENCIES
  motion-game
  rake

BUNDLED WITH
   1.11.2
